GEM
  remote: http://rubygems.org/
  specs:
    diff-lcs (1.1.3)
    git (1.2.5)
    jeweler (1.6.4)
      bundler (~> 1.0)
      git (>= 1.2.5)
      rake
    rake (0.9.2.2)
    rspec (2.7.0)
      rspec-core (~> 2.7.0)
      rspec-expectations (~> 2.7.0)
      rspec-mocks (~> 2.7.0)
    rspec-core (2.7.1)
    rspec-expectations (2.7.0)
      diff-lcs (~> 1.1.2)
    rspec-mocks (2.7.0)
    sequel (3.31.0)
    sqlite3 (1.3.6)
    trollop (1.16.2)

PLATFORMS
  ruby

DEPENDENCIES
  bundler (~> 1.1.0)
  jeweler (~> 1.6.4)
  rspec (~> 2.7.0)
  sequel (~> 3.31.0)
  sqlite3 (~> 1.3.0)
  trollop (~> 1.16.2)
